GEM
  remote: https://rubygems.org/
  specs:
    kgio (2.8.0)
    rack (1.5.2)
    rack-protection (1.5.0)
      rack
    rack-statsd (0.2.1)
    raindrops (0.11.0)
    sinatra (1.4.3)
      rack (~> 1.4)
      rack-protection (~> 1.4)
      tilt (~> 1.3, >= 1.3.4)
    statsd-ruby (1.2.0)
    tilt (1.4.1)
    unicorn (4.6.2)
      kgio (~> 2.6)
      rack
      raindrops (~> 0.7)

PLATFORMS
  ruby

DEPENDENCIES
  rack-statsd
  sinatra
  statsd-ruby
  unicorn
